[System]
Scanner=SkyScan1272
Instrument S/N=15G09089-B
Software Version=1.4
Home Directory=C:\SkyScan1272\SkyScan1272
Source Type=HAMAMATSU_L11871_20
Camera Type=XIMEA xiRAY16
Camera Pixel Size (um)=7.4
Camera X/Y Ratio=1.0023
[User]
User Name=haberthu
Computer Name=ANAMIC02
[Acquisition]
Data Directory=D:\Results\Zebrafish_cox7a_Nadia\3
Filename Prefix=5268A~00
Filename Index Length=8
Number Of Files=  642
Number Of Rows= 1092
Number Of Columns= 1632
Partial Width=OFF
Image crop origin X=0
Image crop origin Y=0
Camera binning=3x3
Image Rotation=-0.08200
Optical Axis (line)=  580
Camera to Source (mm)=174.07267
Object to Source (mm)=62.72850
Source Voltage (kV)=  70
Source Current (uA)= 142
Image Pixel Size (um)=7.999950
Scaled Image Pixel Size (um)=7.999950
Image Format=TIFF
Depth (bits)=16
Reference Intensity=57000
Camera position=Close
Exposure (ms)=812
Rotation Step (deg)=0.300
Use 360 Rotation=NO
Scanning position=30.000 mm
Frame Averaging=ON (3)
Random Movement=OFF (30)
Flat Field Correction=ON
FF updating interval=92
Geometrical Correction=ON
Filter=Al 0.5mm
Gantry direction=CC
Rotation Direction=CC
Type of Detector Motion=STEP AND SHOOT
Scanning Trajectory=ROUND
Beam position=100
Skip extra frame=On
Source spot size=Small
Number Of Horizontal Offset Positions=1
Number of connected scans=6
Current scan number=1
Number of lines to be reconstructed=838
Study Date and Time=24 Nov 2023  20h:08m:00s
Scan duration=0h:46m:48s
Maximum vertical TS=5.0
[Reconstruction]
Reconstruction Program=NRecon
Program Version=Version: 2.1.0.1
Program Home Directory=C:\SkyScan1272\SkyScan1272
Reconstruction engine=GPUReconServer
Engine version=Version: 2.1.0
Reconstruction from batch=Yes
Postalignment Applied=1
Reconstructed using oversize-option=No
Connected Reconstruction (parts)=6
Oversize-option Bitmap=15
Sub-scan post alignment [0]=-5.000000
Sub-scan post alignment [1]=-6.000000
Sub-scan post alignment [2]=-8.500000
Sub-scan post alignment [3]=-10.500000
Sub-scan post alignment [4]=-13.000000
Sub-scan post alignment [5]=-14.000000
Sub-scan scan length [0]=840
Sub-scan scan length [1]=840
Sub-scan scan length [2]=840
Sub-scan scan length [3]=842
Sub-scan scan length [4]=843
Sub-scan scan length [5]=838
Used extra rotation per scan(deg)= 0.000  0.000  0.016  0.016  0.016  0.016 
Used extra shift in X per scan(micron)= 0.000  2.532  0.789  3.620  0.953  -1.533 
Used extra shift in Y per scan(micron)= 0.000  -4.822  -9.369  -14.863  -18.748  -23.392 
Reconstruction servers= ANAMIC02 
Dataset Origin=SkyScan1272
Dataset Prefix=5268A~05
Dataset Directory=D:\Results\Zebrafish_cox7a_Nadia\5268A\proj
Output Directory=D:\Results\Zebrafish_cox7a_Nadia\5268A\rec
Time and Date=25 Nov 2023  10h:38m:31s
First Section=951
Last Section=5280
Reconstruction duration per slice (seconds)=0.149073
Total reconstruction time (4206 slices) in seconds=627.000000
Heel Effect Correction On=0
Section to Section Step=1
Sections Count=4330
Result File Type=PNG
Result File Header Length (bytes)=Unknown: compressed JPG format (100%)
Result Image Width (pixels)=1080
Result Image Height (pixels)=728
Pixel Size (um)=7.99995
Reconstruction Angular Range (deg)=192.60
Use 180+=OFF
Angular Step (deg)=0.3000
Smoothing=0
Ring Artifact Correction=7
Draw Scales=OFF
Object Bigger than FOV=OFF
Reconstruction from ROI=ON
ROI Top (pixels)=986
ROI Bottom (pixels)=257
ROI Left (pixels)=550
ROI Right (pixels)=1630
ROI reference length=1632
Filter cutoff relative to Nyquist frequency=100
Filter type=0
Filter type description=Hamming (Alpha=0.54)
Undersampling factor=1
Threshold for defect pixel mask (%)=0
Beam Hardening Correction (%)=0
CS Static Rotation (deg)=268.68
CS Static Rotation Total(deg)=268.68
Minimum for CS to Image Conversion=0.000000
Maximum for CS to Image Conversion=0.200000
HU Calibration=OFF
BMP LUT=0
Cone-beam Angle Horiz.(deg)=11.882415
Cone-beam Angle Vert.(deg)=7.966494
